GEM
  remote: https://rubygems.org/
  specs:
    base62-rb (0.3.1)
    mini_portile2 (2.8.8)
    multi_json (1.15.0)
    mustermann (3.0.3)
      ruby2_keywords (~> 0.0.1)
    nio4r (2.7.4)
    puma (6.4.3)
      nio4r (~> 2.0)
    rack (2.2.10)
    rack-protection (3.1.0)
      rack (~> 2.2, >= 2.2.4)
    ruby2_keywords (0.0.5)
    securerandom (0.2.2)
    sinatra (3.1.0)
      mustermann (~> 3.0)
      rack (~> 2.2, >= 2.2.4)
      rack-protection (= 3.1.0)
      tilt (~> 2.0)
    sinatra-contrib (3.1.0)
      multi_json
      mustermann (~> 3.0)
      rack-protection (= 3.1.0)
      sinatra (= 3.1.0)
      tilt (~> 2.0)
    sqlite3 (1.6.9)
      mini_portile2 (~> 2.8.0)
    tilt (2.5.0)

PLATFORMS
  x64-mingw-ucrt

DEPENDENCIES
  base62-rb (~> 0.3.1)
  puma (~> 6.4.0)
  securerandom (~> 0.2.2)
  sinatra (~> 3.1.0)
  sinatra-contrib (~> 3.1.0)
  sqlite3 (~> 1.6.0)

BUNDLED WITH
   2.5.22
